GIT
  remote: git@github.com:veracross/tiny_tds.git
  revision: ae3430ac3fd2bc8b3a03a69ea7b4aa052a9a7d72
  specs:
    tiny_tds (0.6.2)

GEM
  remote: https://rubygems.org/
  specs:
    highline (1.6.20)

PLATFORMS
  ruby

DEPENDENCIES
  highline
  tiny_tds!
